GEM
  remote: https://rubygems.org/
  specs:
    backports (3.6.0)
    bson (1.9.2)
    bson_ext (1.9.2)
      bson (~> 1.9.2)
    dotenv (0.11.1)
      dotenv-deployment (~> 0.0.2)
    dotenv-deployment (0.0.2)
    foreman (0.71.0)
      dotenv (~> 0.11.1)
      thor (~> 0.19.1)
    genghisapp (2.3.11)
      json (>= 1.7.0, < 1.9.0)
      mongo (>= 1.8.0, <= 1.9.2)
      sinatra (>= 1.3.3, < 1.5.0)
      sinatra-contrib (>= 1.3.1, < 1.5.0)
      sinatra-mustache (>= 0.0.4, < 0.4.0)
      vegas (~> 0.1.8)
    json (1.8.1)
    mongo (1.9.2)
      bson (~> 1.9.2)
    multi_json (1.10.1)
    mustache (0.99.5)
    rack (1.5.2)
    rack-protection (1.5.3)
      rack
    rack-test (0.6.2)
      rack (>= 1.0)
    sinatra (1.4.5)
      rack (~> 1.4)
      rack-protection (~> 1.4)
      tilt (~> 1.3, >= 1.3.4)
    sinatra-contrib (1.4.2)
      backports (>= 2.0)
      multi_json
      rack-protection
      rack-test
      sinatra (~> 1.4.0)
      tilt (~> 1.3)
    sinatra-mustache (0.3.1)
      mustache (~> 0.99)
      sinatra (~> 1.4, ~> 1.3)
      tilt (>= 1.3, <= 2.0)
    thor (0.19.1)
    tilt (1.4.1)
    vegas (0.1.11)
      rack (>= 1.0.0)

PLATFORMS
  ruby

DEPENDENCIES
  bson_ext
  foreman
  genghisapp
